PATH
  remote: .
  specs:
    busdriver (0.1)
      hiredis
      press
      redis

GEM
  remote: http://rubygems.org/
  specs:
    hiredis (0.4.5)
    press (0.1)
    redis (2.2.2)

PLATFORMS
  ruby

DEPENDENCIES
  busdriver!
  redis
